GEM
  remote: https://rubygems.org/
  specs:
    domain_name (0.5.7)
      unf (~> 0.0.3)
    highline (1.6.15)
    mechanize (2.5.1)
      domain_name (~> 0.5, >= 0.5.1)
      mime-types (~> 1.17, >= 1.17.2)
      net-http-digest_auth (~> 1.1, >= 1.1.1)
      net-http-persistent (~> 2.5, >= 2.5.2)
      nokogiri (~> 1.4)
      ntlm-http (~> 0.1, >= 0.1.1)
      webrobots (~> 0.0, >= 0.0.9)
    mime-types (1.21)
    net-http-digest_auth (1.2.1)
    net-http-persistent (2.8)
    nokogiri (1.5.6-x86-mingw32)
    ntlm-http (0.1.1)
    ruby_gntp (0.3.4)
    term-ansicolor (1.0.7)
    unf (0.0.5)
      unf_ext
    unf_ext (0.0.6-x86-mingw32)
    webrobots (0.1.0)

PLATFORMS
  x86-mingw32

DEPENDENCIES
  highline
  mechanize
  nokogiri
  ruby_gntp
  term-ansicolor
